GEM
  remote: https://rubygems.org/
  specs:
    em-twitter (0.2.1)
      eventmachine (~> 1.0)
      http_parser.rb (~> 0.5)
      simple_oauth (~> 0.1)
    eventmachine (1.0.3)
    faraday (0.8.6)
      multipart-post (~> 1.1)
    foreman (0.62.0)
      thor (>= 0.13.6)
    http_parser.rb (0.5.3)
    multi_json (1.6.1)
    multipart-post (1.2.0)
    settingslogic (2.0.9)
    simple_oauth (0.2.0)
    thor (0.17.0)
    twitter (4.6.0)
      faraday (~> 0.8, < 0.10)
      multi_json (~> 1.0)
      simple_oauth (~> 0.2)
    yajl-ruby (1.1.0)

PLATFORMS
  ruby

DEPENDENCIES
  em-twitter
  foreman
  settingslogic
  twitter
  yajl-ruby
