GIT
  remote: git://github.com/re4k/omniauth-twitter.git
  revision: 313df7eb05e78477cf3eb06bced3c9b64957840f
  specs:
    omniauth-twitter (0.0.14)
      multi_json (~> 1.3)
      omniauth-oauth (~> 1.0)

GEM
  remote: https://rubygems.org/
  specs:
    actionmailer (4.0.0.beta1)
      actionpack (= 4.0.0.beta1)
      mail (~> 2.5.3)
    actionpack (4.0.0.beta1)
      activesupport (= 4.0.0.beta1)
      builder (~> 3.1.0)
      erubis (~> 2.7.0)
      rack (~> 1.5.2)
      rack-test (~> 0.6.2)
    activemodel (4.0.0.beta1)
      activesupport (= 4.0.0.beta1)
      builder (~> 3.1.0)
    activerecord (4.0.0.beta1)
      activemodel (= 4.0.0.beta1)
      activerecord-deprecated_finders (~> 0.0.3)
      activesupport (= 4.0.0.beta1)
      arel (~> 4.0.0.beta1)
    activerecord-deprecated_finders (0.0.3)
    activesupport (4.0.0.beta1)
      i18n (~> 0.6.2)
      minitest (~> 4.2)
      multi_json (~> 1.3)
      thread_safe (~> 0.1)
      tzinfo (~> 0.3.33)
    after_commit_action (0.1.3)
      activerecord (>= 3.0.0)
    arel (4.0.0.beta2)
    atomic (1.0.1)
    bootstrap-sass (2.3.1.0)
      sass (~> 3.2)
    builder (3.1.4)
    coffee-rails (4.0.0.beta1)
      coffee-script (>= 2.2.0)
      railties (>= 4.0.0.beta, < 5.0)
    coffee-script (2.2.0)
      coffee-script-source
      execjs
    coffee-script-source (1.6.2)
    counter_culture (0.1.10)
      after_commit_action (~> 0.1.3)
    daemon-spawn (0.4.2)
    daemons (1.1.9)
    dalli (2.6.2)
    em-twitter (0.2.1)
      eventmachine (~> 1.0)
      http_parser.rb (~> 0.5)
      simple_oauth (~> 0.1)
    em-work_queue (0.0.1)
      eventmachine
    erubis (2.7.0)
    eventmachine (1.0.3)
    execjs (1.4.0)
      multi_json (~> 1.0)
    faraday (0.8.6)
      multipart-post (~> 1.1)
    haml (4.0.1)
      tilt
    haml-rails (0.4)
      actionpack (>= 3.1, < 4.1)
      activesupport (>= 3.1, < 4.1)
      haml (>= 3.1, < 4.1)
      railties (>= 3.1, < 4.1)
    hashie (1.2.0)
    hike (1.2.1)
    http_parser.rb (0.5.3)
    i18n (0.6.4)
    jbuilder (1.0.2)
      activesupport (>= 3.0.0)
    jquery-rails (2.2.1)
      railties (>= 3.0, < 5.0)
      thor (>= 0.14, < 2.0)
    json (1.7.7)
    kaminari (0.14.1)
      actionpack (>= 3.0.0)
      activesupport (>= 3.0.0)
    kgio (2.8.0)
    mail (2.5.3)
      i18n (>= 0.4.0)
      mime-types (~> 1.16)
      treetop (~> 1.4.8)
    mime-types (1.21)
    minitest (4.7.0)
    msgpack (0.5.4)
    multi_json (1.7.2)
    multipart-post (1.2.0)
    mysql2 (0.3.11)
    oauth (0.4.7)
    omniauth (1.1.3)
      hashie (~> 1.2)
      rack
    omniauth-oauth (1.0.1)
      oauth
      omniauth (~> 1.0)
    polyglot (0.3.3)
    rack (1.5.2)
    rack-test (0.6.2)
      rack (>= 1.0)
    rails (4.0.0.beta1)
      actionmailer (= 4.0.0.beta1)
      actionpack (= 4.0.0.beta1)
      activerecord (= 4.0.0.beta1)
      activesupport (= 4.0.0.beta1)
      bundler (>= 1.3.0, < 2.0)
      railties (= 4.0.0.beta1)
      sprockets-rails (~> 2.0.0.rc3)
    rails_config (0.3.2)
      activesupport (>= 3.0)
    railties (4.0.0.beta1)
      actionpack (= 4.0.0.beta1)
      activesupport (= 4.0.0.beta1)
      rake (>= 0.8.7)
      rdoc (~> 3.4)
      thor (>= 0.17.0, < 2.0)
    raindrops (0.10.0)
    rake (10.0.3)
    rdoc (3.12.2)
      json (~> 1.4)
    sass (3.2.7)
    sass-rails (4.0.0.beta1)
      railties (>= 4.0.0.beta, < 5.0)
      sass (>= 3.1.10)
      sprockets-rails (~> 2.0.0.rc0)
      tilt (~> 1.3)
    simple_oauth (0.2.0)
    sprockets (2.9.0)
      hike (~> 1.2)
      multi_json (~> 1.0)
      rack (~> 1.0)
      tilt (~> 1.1, != 1.3.0)
    sprockets-rails (2.0.0.rc3)
      actionpack (>= 3.0)
      activesupport (>= 3.0)
      sprockets (~> 2.8)
    thin (1.5.1)
      daemons (>= 1.0.9)
      eventmachine (>= 0.12.6)
      rack (>= 1.0.0)
    thor (0.17.0)
    thread_safe (0.1.0)
      atomic
    tilt (1.3.6)
    treetop (1.4.12)
      polyglot
      polyglot (>= 0.3.1)
    twitter (4.6.2)
      faraday (~> 0.8, < 0.10)
      multi_json (~> 1.0)
      simple_oauth (~> 0.2)
    tzinfo (0.3.37)
    uglifier (1.3.0)
      execjs (>= 0.3.0)
      multi_json (~> 1.0, >= 1.0.2)
    unicorn (4.6.2)
      kgio (~> 2.6)
      rack
      raindrops (~> 0.7)

PLATFORMS
  ruby

DEPENDENCIES
  bootstrap-sass
  coffee-rails (~> 4.0.0.beta1)
  counter_culture
  daemon-spawn
  dalli
  em-twitter
  em-work_queue
  haml-rails
  jbuilder
  jquery-rails
  kaminari
  msgpack
  mysql2
  omniauth-twitter!
  rails (= 4.0.0.beta1)
  rails_config
  sass-rails (~> 4.0.0.beta1)
  thin
  twitter
  uglifier (>= 1.0.3)
  unicorn
