GEM
  remote: https://rubygems.org/
  specs:
    addressable (2.4.0)
    cookiejar (0.3.0)
    dalli (2.7.5)
    em-http-request (1.1.3)
      addressable (>= 2.3.4)
      cookiejar (<= 0.3.0)
      em-socksify (>= 0.3)
      eventmachine (>= 1.0.3)
      http_parser.rb (>= 0.6.0)
    em-socksify (0.3.1)
      eventmachine (>= 1.0.0.beta.4)
    eventmachine (1.0.9.1)
    http_parser.rb (0.6.0)
    msgpack (0.7.4)
    oj (2.14.3)
    rake (10.5.0)
    simple_oauth (0.3.1)

PLATFORMS
  ruby

DEPENDENCIES
  dalli
  em-http-request
  msgpack
  oj
  rake
  simple_oauth

BUNDLED WITH
   1.11.2
