GEM
  remote: https://rubygems.org/
  specs:
    buftok (0.2.0)
    em-twitter (0.3.5)
      buftok (~> 0.2)
      eventmachine (~> 1.0)
      http_parser.rb (~> 0.6)
      simple_oauth (~> 0.2)
    eventmachine (1.0.3)
    http_parser.rb (0.6.0)
    msgpack (0.5.9)
    rake (10.4.2)
    simple_oauth (0.3.0)
    yajl-ruby (1.2.1)

PLATFORMS
  ruby

DEPENDENCIES
  em-twitter
  msgpack
  rake
  yajl-ruby
