GEM
  remote: https://rubygems.org/
  specs:
    addressable (2.4.0)
    cookiejar (0.3.2)
    dalli (2.7.4)
    em-http-request (1.1.2)
      addressable (>= 2.3.4)
      cookiejar
      em-socksify (>= 0.3)
      eventmachine (>= 1.0.3)
      http_parser.rb (>= 0.6.0)
    em-socksify (0.3.1)
      eventmachine (>= 1.0.0.beta.4)
    eventmachine (1.0.8)
    http_parser.rb (0.6.0)
    msgpack (0.7.1)
    oj (2.14.0)
    rake (10.4.2)
    simple_oauth (0.3.1)

PLATFORMS
  ruby

DEPENDENCIES
  dalli
  em-http-request
  msgpack
  oj
  rake
  simple_oauth

BUNDLED WITH
   1.10.6
