GEM
  remote: https://rubygems.org/
  specs:
    dalli (2.7.4)
    eventmachine (1.0.7)
    msgpack (0.6.0)
    rake (10.4.2)

PLATFORMS
  ruby

DEPENDENCIES
  dalli
  eventmachine
  msgpack
  rake
