GEM
  remote: https://rubygems.org/
  specs:
    dotenv (0.9.0)
    em-twitter (0.3.1)
      eventmachine (~> 1.0)
      http_parser.rb (>= 0.6.0.beta.2, < 0.7)
      simple_oauth (~> 0.2)
    eventmachine (1.0.3)
    foreman (0.63.0)
      dotenv (>= 0.7)
      thor (>= 0.13.6)
    http_parser.rb (0.6.0.beta.2)
    msgpack (0.5.7)
    settingslogic (2.0.9)
    simple_oauth (0.2.0)
    thor (0.18.1)
    yajl-ruby (1.1.0)

PLATFORMS
  ruby

DEPENDENCIES
  em-twitter
  foreman
  msgpack
  settingslogic
  yajl-ruby
