GEM
  remote: https://rubygems.org/
  specs:
    em-twitter (0.3.1)
      eventmachine (~> 1.0)
      http_parser.rb (>= 0.6.0.beta.2, < 0.7)
      simple_oauth (~> 0.2)
    eventmachine (1.0.3)
    http_parser.rb (0.6.0.beta.2)
    msgpack (0.5.7)
    settingslogic (2.0.9)
    simple_oauth (0.2.0)
    yajl-ruby (1.1.0)

PLATFORMS
  ruby

DEPENDENCIES
  em-twitter
  msgpack
  settingslogic
  yajl-ruby
